GEM
  remote: https://rubygems.org/
  specs:
    concurrent-ruby (1.0.2)
    connection_pool (2.2.0)
    ffi (1.9.10)
    listen (3.1.5)
      rb-fsevent (~> 0.9, >= 0.9.4)
      rb-inotify (~> 0.9, >= 0.9.7)
      ruby_dep (~> 1.2)
    minitest (5.9.0)
    rack (1.6.4)
    rack-protection (1.5.3)
      rack
    rake (11.2.2)
    rb-fsevent (0.9.7)
    rb-inotify (0.9.7)
      ffi (>= 0.5.0)
    redis (3.3.0)
    ruby_dep (1.3.1)
    sidekiq (4.1.4)
      concurrent-ruby (~> 1.0)
      connection_pool (~> 2.2, >= 2.2.0)
      redis (~> 3.2, >= 3.2.1)
      sinatra (>= 1.4.7)
    sinatra (1.4.7)
      rack (~> 1.5)
      rack-protection (~> 1.4)
      tilt (>= 1.3, < 3)
    tilt (2.0.5)

PLATFORMS
  ruby

DEPENDENCIES
  listen (~> 3.0)
  minitest (~> 5.9)
  rake (~> 11.2)
  sidekiq (~> 4.1)

BUNDLED WITH
   1.12.5
